GIT
  remote: git://github.com/lotus/model.git
  revision: c28b20db4d32eff824328b7d9b42d47a26f3e2af
  specs:
    lotus-model (0.2.4)
      lotus-utils (~> 0.3, >= 0.3.2)
      sequel (~> 4.9)

GEM
  remote: https://rubygems.org/
  specs:
    capybara (2.4.4)
      mime-types (>= 1.16)
      nokogiri (>= 1.3.3)
      rack (>= 1.0.0)
      rack-test (>= 0.5.4)
      xpath (~> 2.0)
    coderay (1.1.0)
    diff-lcs (1.2.5)
    dotenv (1.0.2)
    http_router (0.11.1)
      rack (>= 1.0.0)
      url_mount (~> 0.2.1)
    lotus-controller (0.3.2)
      lotus-utils (~> 0.3, >= 0.3.4)
      lotus-validations (~> 0.2, >= 0.2.4)
      rack (~> 1.5)
    lotus-router (0.2.1)
      http_router (~> 0.11)
      lotus-utils (~> 0.3, >= 0.3.2)
    lotus-utils (0.3.4)
    lotus-validations (0.2.4)
      lotus-utils (~> 0.3, >= 0.3.4)
    lotus-view (0.3.0)
      lotus-utils (~> 0.3, >= 0.3.2)
      tilt (~> 2.0, >= 2.0.1)
    lotusrb (0.2.1)
      dotenv (~> 1.0)
      lotus-controller (~> 0.3, >= 0.3.2)
      lotus-router (~> 0.2, >= 0.2.1)
      lotus-utils (~> 0.3, >= 0.3.4)
      lotus-view (~> 0.3)
      shotgun (~> 0.9)
      thor (~> 0.19)
    method_source (0.8.2)
    mime-types (2.4.3)
    mini_portile (0.6.2)
    nokogiri (1.6.6.2)
      mini_portile (~> 0.6.0)
    pg (0.18.1)
    pry (0.10.1)
      coderay (~> 1.1.0)
      method_source (~> 0.8.1)
      slop (~> 3.4)
    puma (2.11.1)
      rack (>= 1.1, < 2.0)
    rack (1.6.0)
    rack-test (0.6.3)
      rack (>= 1.0)
    rake (10.4.2)
    rspec (3.2.0)
      rspec-core (~> 3.2.0)
      rspec-expectations (~> 3.2.0)
      rspec-mocks (~> 3.2.0)
    rspec-core (3.2.0)
      rspec-support (~> 3.2.0)
    rspec-expectations (3.2.0)
      diff-lcs (>= 1.2.0, < 2.0)
      rspec-support (~> 3.2.0)
    rspec-mocks (3.2.0)
      diff-lcs (>= 1.2.0, < 2.0)
      rspec-support (~> 3.2.0)
    rspec-support (3.2.1)
    sequel (4.19.0)
    shotgun (0.9)
      rack (>= 1.0)
    slim (3.0.2)
      temple (~> 0.7.3)
      tilt (>= 1.3.3, < 2.1)
    slop (3.6.0)
    temple (0.7.5)
    thor (0.19.1)
    tilt (2.0.1)
    url_mount (0.2.1)
      rack
    xpath (2.0.0)
      nokogiri (~> 1.3)

PLATFORMS
  ruby

DEPENDENCIES
  bundler
  capybara
  lotus-model!
  lotusrb (= 0.2.1)
  pg
  pry
  puma
  rake
  rspec
  slim
